GEM
  remote: http://rubygems.org/
  specs:
    rake (0.9.2.1)

PLATFORMS
  ruby

DEPENDENCIES
  rake
